GEM
  remote: https://rubygems.org/
  specs:
    rubyzip (1.2.1)

PLATFORMS
  ruby

DEPENDENCIES
  rubyzip
